{
	"Modality": "MR",
	"MagneticFieldStrength": 3,
	"ImagingFrequency": 123.25487,
	"Manufacturer": "Siemens",
	"ManufacturersModelName": "TrioTim",
	"InstitutionName": "Washington University",
	"InstitutionAddress": "Scott Ave.4525, St. Louis//019F82//, MO, US, 63110",
	"DeviceSerialNumber": "35177",
	"StationName": "MEDPC",
	"BodyPartExamined": "HEAD",
	"PatientPosition": "HFS",
	"ProcedureStepDescription": "head^Raichle",
	"SoftwareVersions": "syngo MR B13 4VB13A",
	"MRAcquisitionType": "2D",
	"SeriesDescription": "tse_p3",
	"ProtocolName": "tse_p3",
	"ScanningSequence": "SE",
	"SequenceVariant": "SK\\SP\\OSP",
	"SequenceName": "*tse2d1_17",
	"ImageType": ["ORIGINAL", "PRIMARY", "M", "ND", "NORM"],
	"NonlinearGradientCorrection": false,
	"SeriesNumber": 5,
	"AcquisitionTime": "09:30:16.177500",
	"AcquisitionNumber": 1,
	"SliceThickness": 4,
	"SpacingBetweenSlices": 4,
	"SAR": 0.51069,
	"EchoTime": 0.086,
	"RepetitionTime": 6.15,
	"SpoilingState": true,
	"FlipAngle": 120,
	"PartialFourier": 1,
	"BaseResolution": 256,
	"ShimSetting": [
		-261,
		-19789,
		7858,
		479,
		-160,
		-206,
		-400,
		62	],
	"TxRefAmp": 231.823,
	"PhaseResolution": 0.5,
	"ReceiveCoilName": "HeadMatrix",
	"CoilString": "T:HEA;HEP",
	"PulseSequenceDetails": "%SiemensSeq%\\tse",
	"RefLinesPE": 34,
	"CoilCombinationMethod": "Adaptive Combine",
	"MatrixCoilMode": "GRAPPA",
	"PercentPhaseFOV": 100,
	"PercentSampling": 50,
	"EchoTrainLength": 17,
	"PhaseEncodingSteps": 135,
	"AcquisitionMatrixPE": 128,
	"ReconMatrixPE": 256,
	"ParallelReductionFactorInPlane": 3,
	"PixelBandwidth": 200,
	"DwellTime": 9.8e-06,
	"PhaseEncodingDirection": "j-",
	"SliceTiming": [
		3.08594,
		0,
		3.27344,
		0.1875,
		3.46875,
		0.38281,
		3.66406,
		0.57031,
		3.85156,
		0.76562,
		4.04688,
		0.96094,
		4.24219,
		1.15625,
		4.4375,
		1.34375,
		4.625,
		1.53906,
		4.82031,
		1.73438,
		5.00781,
		1.92969,
		5.20312,
		2.11719,
		5.39844,
		2.3125,
		5.59375,
		2.5,
		5.78125,
		2.69531,
		5.97656,
		2.89062	],
	"ImageOrientationPatientDICOM": [
		0.993781,
		-0.0825225,
		0.0747577,
		0.076033,
		0.993403,
		0.0858493	],
	"ImageOrientationText": "Tra>Sag(4.7)>Cor(4.6)",
	"InPlanePhaseEncodingDirectionDICOM": "COL",
	"ConversionSoftware": "dcm2niix",
	"ConversionSoftwareVersion": "v1.0.20230411"
}
