{
	"Modality": "MR",
	"MagneticFieldStrength": 3,
	"ImagingFrequency": 123.254891,
	"Manufacturer": "Siemens",
	"ManufacturersModelName": "TrioTim",
	"InstitutionName": "Washington University",
	"InstitutionAddress": "Scott Ave.4525, St. Louis//019F82//, MO, US, 63110",
	"DeviceSerialNumber": "35177",
	"StationName": "MEDPC",
	"BodyPartExamined": "HEAD",
	"PatientPosition": "HFS",
	"ProcedureStepDescription": "head^Raichle",
	"SoftwareVersions": "syngo MR B13 4VB13A",
	"MRAcquisitionType": "3D",
	"SeriesDescription": "t1_mpr_ns_sag_ipat",
	"ProtocolName": "t1_mpr_ns_sag_ipat",
	"ScanningSequence": "GR\\IR",
	"SequenceVariant": "SP\\MP",
	"ScanOptions": "IR",
	"SequenceName": "*tfl3d1_ns",
	"ImageType": ["ORIGINAL", "PRIMARY", "M", "ND", "NORM"],
	"NonlinearGradientCorrection": false,
	"SeriesNumber": 4,
	"AcquisitionTime": "09:23:18.775000",
	"AcquisitionNumber": 1,
	"SliceThickness": 1,
	"SAR": 0.0590376,
	"EchoTime": 0.00234,
	"RepetitionTime": 2.2,
	"InversionTime": 1,
	"FlipAngle": 7,
	"PartialFourier": 1,
	"BaseResolution": 256,
	"ShimSetting": [
		-239,
		-19779,
		7839,
		210,
		-111,
		-349,
		-379,
		127	],
	"TxRefAmp": 231.823,
	"PhaseResolution": 1,
	"ReceiveCoilName": "HeadMatrix",
	"CoilString": "t:HEA;HEP",
	"PulseSequenceDetails": "%SiemensSeq%\\tfl",
	"RefLinesPE": 24,
	"CoilCombinationMethod": "Adaptive Combine",
	"MatrixCoilMode": "GRAPPA",
	"PercentPhaseFOV": 87.5,
	"PercentSampling": 100,
	"PhaseEncodingSteps": 223,
	"AcquisitionMatrixPE": 224,
	"ReconMatrixPE": 224,
	"ParallelReductionFactorInPlane": 2,
	"PixelBandwidth": 190,
	"DwellTime": 1.03e-05,
	"ImageOrientationPatientDICOM": [
		0.0531083,
		0.941371,
		0.333166,
		0.0978691,
		0.327124,
		-0.9399	],
	"ImageOrientationText": "Sag>Cor(4.7)>Tra(-4.3)",
	"InPlanePhaseEncodingDirectionDICOM": "ROW",
	"ConversionSoftware": "dcm2niix",
	"ConversionSoftwareVersion": "v1.0.20230411"
}
