{
	"Modality": "MR",
	"MagneticFieldStrength": 3,
	"ImagingFrequency": 123.225923,
	"Manufacturer": "Siemens",
	"ManufacturersModelName": "TrioTim",
	"InstitutionName": "Barnes-Jewish Hosp smra",
	"InstitutionAddress": "South Euclid Street 499,St Louis ,District,US,63110",
	"DeviceSerialNumber": "35064",
	"StationName": "smra",
	"PatientPosition": "HFS",
	"ProcedureStepDescription": "70554 MRI Brain Functional no MD",
	"SoftwareVersions": "syngo MR B15",
	"MRAcquisitionType": "2D",
	"SeriesDescription": "TRA T2 BLADE",
	"ProtocolName": "TRA T2 BLADE",
	"ScanningSequence": "SE",
	"SequenceVariant": "SK\\SP",
	"SequenceName": "*tseB2d1_18",
	"ImageType": ["ORIGINAL", "PRIMARY", "M", "ND", "NORM"],
	"NonlinearGradientCorrection": false,
	"SeriesNumber": 46,
	"AcquisitionTime": "11:51:58.650000",
	"AcquisitionNumber": 1,
	"ImageComments": "BRAIN/RLG",
	"SliceThickness": 5,
	"SpacingBetweenSlices": 6,
	"SAR": 0.394408,
	"EchoTime": 0.114,
	"RepetitionTime": 5.73,
	"SpoilingState": true,
	"FlipAngle": 120,
	"PartialFourier": 1,
	"BaseResolution": 320,
	"ShimSetting": [
		1491,
		-25552,
		-6414,
		-173,
		83,
		-61,
		-8,
		22	],
	"TxRefAmp": 392.346,
	"PhaseResolution": 0.0875,
	"ReceiveCoilName": "HeadMatrix",
	"CoilString": "d:HEA;HEP",
	"PulseSequenceDetails": "%SiemensSeq%\\tse",
	"RefLinesPE": 8,
	"CoilCombinationMethod": "Adaptive Combine",
	"MatrixCoilMode": "GRAPPA",
	"PercentPhaseFOV": 100,
	"PercentSampling": 100,
	"EchoTrainLength": 18,
	"PhaseEncodingSteps": 320,
	"AcquisitionMatrixPE": 320,
	"ReconMatrixPE": 320,
	"ParallelReductionFactorInPlane": 2,
	"PixelBandwidth": 220,
	"DwellTime": 7.1e-06,
	"PhaseEncodingDirection": "i",
	"SliceTiming": [
		0,
		2.98438,
		0.21875,
		3.19531,
		0.42969,
		3.41406,
		0.64062,
		3.625,
		0.85156,
		3.83594,
		1.07031,
		4.05469,
		1.28125,
		4.26562,
		1.49219,
		4.47656,
		1.70312,
		4.6875,
		1.92188,
		4.90625,
		2.13281,
		5.11719,
		2.34375,
		5.32812,
		2.5625,
		5.53906,
		2.77344	],
	"ImageOrientationPatientDICOM": [
		0.999703,
		-0.000879932,
		-0.024351,
		2.09395e-10,
		0.999348,
		-0.0361119	],
	"ImageOrientationText": "Tra>Cor(-2.1)>Sag(-1.4)",
	"InPlanePhaseEncodingDirectionDICOM": "ROW",
	"ConversionSoftware": "dcm2niix",
	"ConversionSoftwareVersion": "v1.0.20230411"
}
