{
	"Modality": "MR",
	"MagneticFieldStrength": 3,
	"ImagingFrequency": 123.225869,
	"Manufacturer": "Siemens",
	"ManufacturersModelName": "TrioTim",
	"InstitutionName": "Barnes-Jewish Hosp smra",
	"InstitutionAddress": "South Euclid Street 499,St Louis ,District,US,63110",
	"DeviceSerialNumber": "35064",
	"StationName": "smra",
	"PatientPosition": "HFS",
	"ProcedureStepDescription": "70554 MRI Brain Functional no MD",
	"SoftwareVersions": "syngo MR B15",
	"MRAcquisitionType": "2D",
	"SeriesDescription": "act_TRA fMRI BH",
	"ProtocolName": "TRA fMRI BH",
	"ScanningSequence": "EP",
	"SequenceVariant": "SK",
	"ScanOptions": "FS",
	"SequenceName": "*epfid2d1_64",
	"ImageType": ["ORIGINAL", "PRIMARY", "M", "ND", "NORM", "MOSAIC"],
	"NonlinearGradientCorrection": false,
	"SeriesNumber": 4,
	"AcquisitionTime": "10:56:11.510000",
	"AcquisitionNumber": 1,
	"ImageComments": "BRAIN/RLG",
	"SliceThickness": 4,
	"SpacingBetweenSlices": 4,
	"SAR": 0.204335,
	"EchoTime": 0.027,
	"RepetitionTime": 2.2,
	"TaskName": "rest",
	"FlipAngle": 90,
	"PartialFourier": 1,
	"BaseResolution": 64,
	"ShimSetting": [
		1491,
		-25591,
		-5937,
		95,
		65,
		-333,
		-196,
		128	],
	"TxRefAmp": 378.448,
	"PhaseResolution": 1,
	"ReceiveCoilName": "HeadMatrix",
	"CoilString": "t:HEA;HEP",
	"PulseSequenceDetails": "%SiemensSeq%\\ep2d_pace",
	"CoilCombinationMethod": "Sum of Squares",
	"MatrixCoilMode": "SENSE",
	"PercentPhaseFOV": 100,
	"PercentSampling": 100,
	"PhaseEncodingSteps": 64,
	"AcquisitionMatrixPE": 64,
	"ReconMatrixPE": 64,
	"BandwidthPerPixelPhaseEncode": 26.483,
	"EffectiveEchoSpacing": 0.000590001,
	"DerivedVendorReportedEchoSpacing": 0.000590001,
	"TotalReadoutTime": 0.0371701,
	"PixelBandwidth": 1905,
	"DwellTime": 4.1e-06,
	"PhaseEncodingDirection": "j-",
	"SliceTiming": [
		1.0925,
		0,
		1.155,
		0.06,
		1.215,
		0.12,
		1.275,
		0.1825,
		1.3375,
		0.2425,
		1.3975,
		0.3025,
		1.4575,
		0.365,
		1.5175,
		0.425,
		1.58,
		0.485,
		1.64,
		0.545,
		1.7,
		0.6075,
		1.7625,
		0.6675,
		1.8225,
		0.7275,
		1.8825,
		0.79,
		1.945,
		0.85,
		2.005,
		0.91,
		2.065,
		0.9725,
		2.1275,
		1.0325	],
	"ImageOrientationPatientDICOM": [
		1,
		0,
		0,
		0,
		1,
		0	],
	"ImageOrientationText": "Tra",
	"InPlanePhaseEncodingDirectionDICOM": "COL",
	"ConversionSoftware": "dcm2niix",
	"ConversionSoftwareVersion": "v1.0.20230411"
}
