{
	"Modality": "MR",
	"MagneticFieldStrength": 3,
	"ImagingFrequency": 123.255918,
	"Manufacturer": "Siemens",
	"ManufacturersModelName": "TrioTim",
	"InstitutionName": "Washington University",
	"InstitutionAddress": "Scott Ave.4525, St. Louis, MO, US, 63110",
	"DeviceSerialNumber": "35177",
	"StationName": "MEDPC",
	"BodyPartExamined": "HEAD",
	"PatientPosition": "HFS",
	"ProcedureStepDescription": "head^CORBETTA",
	"SoftwareVersions": "syngo MR B13 4VB13A",
	"MRAcquisitionType": "3D",
	"SeriesDescription": "t2_spc_1mm_p2",
	"ProtocolName": "t2_spc_1mm_p2",
	"ScanningSequence": "SE",
	"SequenceVariant": "SK\\SP",
	"SequenceName": "*spc3d1_278ns",
	"ImageType": ["ORIGINAL", "PRIMARY", "M", "ND", "NORM"],
	"NonlinearGradientCorrection": false,
	"SeriesNumber": 5,
	"AcquisitionTime": "09:50:45.230000",
	"AcquisitionNumber": 1,
	"SliceThickness": 1,
	"SAR": 0.206452,
	"EchoTime": 0.441,
	"RepetitionTime": 2.5,
	"SpoilingState": true,
	"FlipAngle": 120,
	"VariableFlipAngleFlag": true,
	"PartialFourier": 1,
	"BaseResolution": 256,
	"ShimSetting": [
		-244,
		-19578,
		7774,
		-6,
		71,
		-450,
		476,
		101	],
	"TxRefAmp": 246.187,
	"PhaseResolution": 0.992188,
	"ReceiveCoilName": "HeadMatrix",
	"CoilString": "t:HEA;HEP",
	"PulseSequenceDetails": "%SiemensSeq%\\tse_vfl",
	"RefLinesPE": 24,
	"CoilCombinationMethod": "Adaptive Combine",
	"MatrixCoilMode": "GRAPPA",
	"PercentPhaseFOV": 100,
	"PercentSampling": 99.2188,
	"EchoTrainLength": 139,
	"PhaseEncodingSteps": 254,
	"AcquisitionMatrixPE": 254,
	"ReconMatrixPE": 256,
	"ParallelReductionFactorInPlane": 2,
	"PixelBandwidth": 750,
	"DwellTime": 2.6e-06,
	"PhaseEncodingDirection": "i",
	"ImageOrientationPatientDICOM": [
		0.0271205,
		0.997106,
		0.0710189,
		-0.0559929,
		0.0724488,
		-0.995799	],
	"ImageOrientationText": "Sag>Tra(3.3)>Cor(1.3)",
	"InPlanePhaseEncodingDirectionDICOM": "ROW",
	"ConversionSoftware": "dcm2niix",
	"ConversionSoftwareVersion": "v1.0.20230411"
}
