{
	"Modality": "MR",
	"MagneticFieldStrength": 3,
	"ImagingFrequency": 123.255864,
	"Manufacturer": "Siemens",
	"ManufacturersModelName": "TrioTim",
	"InstitutionName": "Washington University",
	"InstitutionAddress": "Scott Ave.4525, St. Louis//115282//, MO, US, 63110",
	"DeviceSerialNumber": "35177",
	"StationName": "MEDPC",
	"BodyPartExamined": "HEAD",
	"PatientPosition": "HFS",
	"ProcedureStepDescription": "head^Raichle",
	"SoftwareVersions": "syngo MR B13 4VB13A",
	"MRAcquisitionType": "2D",
	"SeriesDescription": "tse_p3",
	"ProtocolName": "tse_p3",
	"ScanningSequence": "SE",
	"SequenceVariant": "SK\\SP\\OSP",
	"SequenceName": "*tse2d1_17",
	"ImageType": ["ORIGINAL", "PRIMARY", "M", "ND", "NORM"],
	"NonlinearGradientCorrection": false,
	"SeriesNumber": 5,
	"AcquisitionTime": "10:11:24.085000",
	"AcquisitionNumber": 1,
	"SliceThickness": 4,
	"SpacingBetweenSlices": 4,
	"SAR": 0.69521,
	"EchoTime": 0.086,
	"RepetitionTime": 6.15,
	"SpoilingState": true,
	"FlipAngle": 120,
	"PartialFourier": 1,
	"BaseResolution": 256,
	"ShimSetting": [
		-336,
		-19842,
		7802,
		-19,
		54,
		-578,
		57,
		-102	],
	"TxRefAmp": 277.441,
	"PhaseResolution": 0.5,
	"ReceiveCoilName": "HeadMatrix",
	"CoilString": "T:HEA;HEP",
	"PulseSequenceDetails": "%SiemensSeq%\\tse",
	"RefLinesPE": 34,
	"CoilCombinationMethod": "Adaptive Combine",
	"MatrixCoilMode": "GRAPPA",
	"PercentPhaseFOV": 100,
	"PercentSampling": 50,
	"EchoTrainLength": 17,
	"PhaseEncodingSteps": 135,
	"AcquisitionMatrixPE": 128,
	"ReconMatrixPE": 256,
	"ParallelReductionFactorInPlane": 3,
	"PixelBandwidth": 200,
	"DwellTime": 9.8e-06,
	"PhaseEncodingDirection": "j-",
	"SliceTiming": [
		3.08594,
		0,
		3.28125,
		0.19531,
		3.46875,
		0.38281,
		3.66406,
		0.57812,
		3.85938,
		0.77344,
		4.04688,
		0.96094,
		4.24219,
		1.15625,
		4.4375,
		1.35156,
		4.63281,
		1.53906,
		4.82031,
		1.73438,
		5.01562,
		1.92969,
		5.21094,
		2.11719,
		5.39844,
		2.3125,
		5.59375,
		2.50781,
		5.78906,
		2.70312,
		5.97656,
		2.89062	],
	"ImageOrientationPatientDICOM": [
		0.980772,
		0.0861791,
		-0.1751,
		-0.0865266,
		0.996233,
		0.00566304	],
	"ImageOrientationText": "Tra>Sag(-10.1)>Cor(-0.5)",
	"InPlanePhaseEncodingDirectionDICOM": "COL",
	"ConversionSoftware": "dcm2niix",
	"ConversionSoftwareVersion": "v1.0.20230411"
}
