{
	"Modality": "MR",
	"MagneticFieldStrength": 3,
	"ImagingFrequency": 123.256269,
	"Manufacturer": "Siemens",
	"ManufacturersModelName": "TrioTim",
	"InstitutionName": "Washington University",
	"InstitutionAddress": "Scott Ave.4525, St. Louis//115282//, MO, US, 63110",
	"DeviceSerialNumber": "35177",
	"StationName": "MEDPC",
	"BodyPartExamined": "HEAD",
	"PatientPosition": "HFS",
	"ProcedureStepDescription": "head^Raichle",
	"SoftwareVersions": "syngo MR B13 4VB13A",
	"MRAcquisitionType": "2D",
	"SeriesDescription": "tse_p3",
	"ProtocolName": "tse_p3",
	"ScanningSequence": "SE",
	"SequenceVariant": "SK\\SP\\OSP",
	"SequenceName": "*tse2d1_17",
	"ImageType": ["ORIGINAL", "PRIMARY", "M", "ND", "NORM"],
	"NonlinearGradientCorrection": false,
	"SeriesNumber": 5,
	"AcquisitionTime": "17:21:55.187500",
	"AcquisitionNumber": 1,
	"SliceThickness": 4,
	"SpacingBetweenSlices": 4,
	"SAR": 0.69521,
	"EchoTime": 0.086,
	"RepetitionTime": 6.15,
	"SpoilingState": true,
	"FlipAngle": 120,
	"PartialFourier": 1,
	"BaseResolution": 256,
	"ShimSetting": [
		-230,
		-19909,
		7860,
		63,
		61,
		-2,
		-141,
		-135	],
	"TxRefAmp": 266.988,
	"PhaseResolution": 0.5,
	"ReceiveCoilName": "HeadMatrix",
	"CoilString": "T:HEA;HEP",
	"PulseSequenceDetails": "%SiemensSeq%\\tse",
	"RefLinesPE": 34,
	"CoilCombinationMethod": "Adaptive Combine",
	"MatrixCoilMode": "GRAPPA",
	"PercentPhaseFOV": 100,
	"PercentSampling": 50,
	"EchoTrainLength": 17,
	"PhaseEncodingSteps": 135,
	"AcquisitionMatrixPE": 128,
	"ReconMatrixPE": 256,
	"ParallelReductionFactorInPlane": 3,
	"PixelBandwidth": 200,
	"DwellTime": 9.8e-06,
	"PhaseEncodingDirection": "j-",
	"SliceTiming": [
		3.09375,
		0,
		3.28125,
		0.20312,
		3.48438,
		0.39062,
		3.67188,
		0.59375,
		3.85938,
		0.78125,
		4.0625,
		0.96875,
		4.25,
		1.15625,
		4.4375,
		1.35938,
		4.64062,
		1.54688,
		4.82812,
		1.75,
		5.03125,
		1.9375,
		5.21875,
		2.125,
		5.40625,
		2.32812,
		5.59375,
		2.51562,
		5.79688,
		2.70312,
		5.98438,
		2.90625	],
	"ImageOrientationPatientDICOM": [
		0.997791,
		-0.064344,
		0.0165036,
		0.0627715,
		0.994601,
		0.0826335	],
	"ImageOrientationText": "Tra>Cor(4.7)>Sag(1.2)",
	"InPlanePhaseEncodingDirectionDICOM": "COL",
	"ConversionSoftware": "dcm2niix",
	"ConversionSoftwareVersion": "v1.0.20230411"
}
