{
	"Modality": "MR",
	"MagneticFieldStrength": 1.5,
	"ImagingFrequency": 63.678068,
	"Manufacturer": "Siemens",
	"ManufacturersModelName": "Aera",
	"InstitutionName": "Barnes-Jewish Hosp. smrb/6A91F7/",
	"InstitutionalDepartmentName": "Department",
	"InstitutionAddress": "S. Euclid 499,St Louis,St. Louis,US,63110",
	"DeviceSerialNumber": "41330",
	"StationName": "smrb",
	"BodyPartExamined": "HEAD",
	"PatientPosition": "HFS",
	"ProcedureStepDescription": "70553 MRI Brain wo&with contrast",
	"SoftwareVersions": "syngo MR D11",
	"MRAcquisitionType": "2D",
	"SeriesDescription": "TRA T2 TSE BLADE",
	"ProtocolName": "TRA T2 TSE BLADE",
	"ScanningSequence": "SE",
	"SequenceVariant": "SK\\SP",
	"SequenceName": "*tseB2d1_35",
	"ImageType": ["ORIGINAL", "PRIMARY", "M", "ND", "NORM"],
	"NonlinearGradientCorrection": false,
	"SeriesNumber": 13,
	"AcquisitionTime": "09:47:17.540000",
	"AcquisitionNumber": 1,
	"SliceThickness": 5,
	"SpacingBetweenSlices": 6.5,
	"SAR": 0.278353,
	"EchoTime": 0.116,
	"RepetitionTime": 4,
	"SpoilingState": true,
	"FlipAngle": 145,
	"PartialFourier": 1,
	"BaseResolution": 320,
	"ShimSetting": [
		1226,
		3696,
		-425,
		0,
		0,
		0,
		0,
		0	],
	"TxRefAmp": 291.949,
	"PhaseResolution": 0.109375,
	"ReceiveCoilName": "HeadNeck_20",
	"ReceiveCoilActiveElements": "HE1-4",
	"PulseSequenceDetails": "%SiemensSeq%\\tse",
	"CoilCombinationMethod": "Adaptive Combine",
	"ConsistencyInfo": "N4_VD11D_LATEST_20110129",
	"MatrixCoilMode": "SENSE",
	"PercentPhaseFOV": 100,
	"PercentSampling": 100,
	"EchoTrainLength": 35,
	"PhaseEncodingSteps": 320,
	"AcquisitionMatrixPE": 320,
	"ReconMatrixPE": 320,
	"PixelBandwidth": 365,
	"DwellTime": 4.3e-06,
	"PhaseEncodingDirection": "i",
	"SliceTiming": [
		0,
		64,
		88,
		0.44531,
		64.4453,
		88.5,
		0.89062,
		64.8906,
		89,
		1.33594,
		65.3359,
		89.5,
		1.78125,
		65.7812,
		90,
		2.22656,
		66.2266,
		90.5,
		2.66406,
		66.6641,
		91,
		3.10938,
		67.1094,
		91.5,
		3.55469,
		67.5547	],
	"ImageOrientationPatientDICOM": [
		0.999998,
		0.000195944,
		0.00192974,
		2.06239e-10,
		0.994884,
		-0.101019	],
	"ImageOrientationText": "Tra>Cor(-5.8)>Sag(0.1)",
	"InPlanePhaseEncodingDirectionDICOM": "ROW",
	"ConversionSoftware": "dcm2niix",
	"ConversionSoftwareVersion": "v1.0.20230411"
}
