{
	"Modality": "MR",
	"MagneticFieldStrength": 1.5,
	"ImagingFrequency": 63.67805,
	"Manufacturer": "Siemens",
	"ManufacturersModelName": "Aera",
	"InstitutionName": "Barnes-Jewish Hosp. smrb/6A91F7/",
	"InstitutionalDepartmentName": "Department",
	"InstitutionAddress": "S. Euclid 499,St Louis,St. Louis,US,63110",
	"DeviceSerialNumber": "41330",
	"StationName": "smrb",
	"BodyPartExamined": "HEAD",
	"PatientPosition": "HFS",
	"ProcedureStepDescription": "70553 MRI Brain wo&with contrast",
	"SoftwareVersions": "syngo MR D11",
	"MRAcquisitionType": "3D",
	"SeriesDescription": "SAG MPRAGE",
	"ProtocolName": "SAG MPRAGE",
	"ScanningSequence": "GR\\IR",
	"SequenceVariant": "SK\\SP\\MP",
	"ScanOptions": "IR",
	"SequenceName": "*tfl3d1_16",
	"ImageType": ["ORIGINAL", "PRIMARY", "M", "ND"],
	"NonlinearGradientCorrection": false,
	"SeriesNumber": 2,
	"AcquisitionTime": "09:23:3.192500",
	"AcquisitionNumber": 1,
	"SliceThickness": 2,
	"SAR": 0.00732168,
	"EchoTime": 0.00398,
	"RepetitionTime": 2.4,
	"SpoilingState": true,
	"InversionTime": 1,
	"FlipAngle": 8,
	"PartialFourier": 1,
	"BaseResolution": 256,
	"ShimSetting": [
		1226,
		3696,
		-425,
		0,
		0,
		0,
		0,
		0	],
	"TxRefAmp": 291.949,
	"PhaseResolution": 1,
	"ReceiveCoilName": "HeadNeck_20",
	"ReceiveCoilActiveElements": "HE1-4;NE1,2",
	"PulseSequenceDetails": "%SiemensSeq%\\tfl",
	"RefLinesPE": 24,
	"CoilCombinationMethod": "Adaptive Combine",
	"ConsistencyInfo": "N4_VD11D_LATEST_20110129",
	"MatrixCoilMode": "GRAPPA",
	"PercentPhaseFOV": 100,
	"PercentSampling": 100,
	"PhaseEncodingSteps": 255,
	"AcquisitionMatrixPE": 256,
	"ReconMatrixPE": 256,
	"ParallelReductionFactorInPlane": 2,
	"PixelBandwidth": 150,
	"DwellTime": 1.3e-05,
	"ImageOrientationPatientDICOM": [
		-0.0191974,
		0.999816,
		0,
		0,
		0,
		-1	],
	"ImageOrientationText": "Sag>Cor(-1.1)",
	"InPlanePhaseEncodingDirectionDICOM": "ROW",
	"ConversionSoftware": "dcm2niix",
	"ConversionSoftwareVersion": "v1.0.20230411"
}
