{
	"Modality": "MR",
	"MagneticFieldStrength": 3,
	"ImagingFrequency": 123.256076,
	"Manufacturer": "Siemens",
	"ManufacturersModelName": "TrioTim",
	"InstitutionName": "Washington University",
	"InstitutionAddress": "Scott Ave.4525, St. Louis//115282//, MO, US, 63110",
	"DeviceSerialNumber": "35177",
	"StationName": "MEDPC",
	"BodyPartExamined": "HEAD",
	"PatientPosition": "HFS",
	"ProcedureStepDescription": "head^Raichle",
	"SoftwareVersions": "syngo MR B13 4VB13A",
	"MRAcquisitionType": "2D",
	"SeriesDescription": "tse_p3",
	"ProtocolName": "tse_p3",
	"ScanningSequence": "SE",
	"SequenceVariant": "SK\\SP\\OSP",
	"SequenceName": "*tse2d1_17",
	"ImageType": ["ORIGINAL", "PRIMARY", "M", "ND", "NORM"],
	"NonlinearGradientCorrection": false,
	"SeriesNumber": 5,
	"AcquisitionTime": "10:44:34.620000",
	"AcquisitionNumber": 1,
	"SliceThickness": 4,
	"SpacingBetweenSlices": 4,
	"SAR": 0.459872,
	"EchoTime": 0.086,
	"RepetitionTime": 6.15,
	"SpoilingState": true,
	"FlipAngle": 120,
	"PartialFourier": 1,
	"BaseResolution": 256,
	"ShimSetting": [
		-230,
		-19934,
		7546,
		-158,
		59,
		-451,
		161,
		-8	],
	"TxRefAmp": 238.592,
	"PhaseResolution": 0.5,
	"ReceiveCoilName": "HeadMatrix",
	"CoilString": "T:HEA;HEP",
	"PulseSequenceDetails": "%SiemensSeq%\\tse",
	"RefLinesPE": 34,
	"CoilCombinationMethod": "Adaptive Combine",
	"MatrixCoilMode": "GRAPPA",
	"PercentPhaseFOV": 100,
	"PercentSampling": 50,
	"EchoTrainLength": 17,
	"PhaseEncodingSteps": 135,
	"AcquisitionMatrixPE": 128,
	"ReconMatrixPE": 256,
	"ParallelReductionFactorInPlane": 3,
	"PixelBandwidth": 200,
	"DwellTime": 9.8e-06,
	"PhaseEncodingDirection": "j-",
	"SliceTiming": [
		3.08594,
		0,
		3.28125,
		0.19531,
		3.47656,
		0.38281,
		3.66406,
		0.57812,
		3.85938,
		0.77344,
		4.05469,
		0.96875,
		4.25,
		1.15625,
		4.4375,
		1.35156,
		4.63281,
		1.54688,
		4.82031,
		1.73438,
		5.01562,
		1.92969,
		5.21094,
		2.125,
		5.40625,
		2.3125,
		5.59375,
		2.50781,
		5.78906,
		2.70312,
		5.98438,
		2.89062	],
	"ImageOrientationPatientDICOM": [
		0.996602,
		-0.023676,
		-0.0788877,
		0.0304403,
		0.995858,
		0.0856781	],
	"ImageOrientationText": "Tra>Cor(5.1)>Sag(-4.4)",
	"InPlanePhaseEncodingDirectionDICOM": "COL",
	"ConversionSoftware": "dcm2niix",
	"ConversionSoftwareVersion": "v1.0.20230411"
}
