{
	"Modality": "MR",
	"MagneticFieldStrength": 3,
	"ImagingFrequency": 123.225577,
	"Manufacturer": "Siemens",
	"ManufacturersModelName": "TrioTim",
	"InstitutionName": "Barnes-Jewish Hosp smra",
	"InstitutionAddress": "South Euclid Street 499,St Louis ,District,US,63110",
	"DeviceSerialNumber": "35064",
	"StationName": "smra",
	"PatientPosition": "HFS",
	"ProcedureStepDescription": "70554 MRI Brain Functional no MD",
	"SoftwareVersions": "syngo MR B15",
	"MRAcquisitionType": "2D",
	"SeriesDescription": "ep2d_bold",
	"ProtocolName": "ep2d_bold",
	"ScanningSequence": "EP",
	"SequenceVariant": "SK",
	"ScanOptions": "FS",
	"SequenceName": "*epfid2d1_64",
	"ImageType": ["ORIGINAL", "PRIMARY", "M", "ND", "NORM", "MOSAIC"],
	"NonlinearGradientCorrection": false,
	"SeriesNumber": 23,
	"AcquisitionTime": "14:00:13.862500",
	"AcquisitionNumber": 1,
	"ImageComments": "FUNCTION/RLG",
	"SliceThickness": 4,
	"SpacingBetweenSlices": 4,
	"SAR": 0.194342,
	"EchoTime": 0.027,
	"RepetitionTime": 2.2,
	"TaskName": "rest",
	"FlipAngle": 90,
	"PartialFourier": 1,
	"BaseResolution": 64,
	"ShimSetting": [
		1497,
		-25659,
		-5954,
		105,
		55,
		-303,
		-176,
		57	],
	"TxRefAmp": 459.09,
	"PhaseResolution": 1,
	"ReceiveCoilName": "HeadMatrix",
	"CoilString": "t:HEA;HEP",
	"PulseSequenceDetails": "%SiemensSeq%\\ep2d_bold",
	"CoilCombinationMethod": "Sum of Squares",
	"MatrixCoilMode": "SENSE",
	"PercentPhaseFOV": 100,
	"PercentSampling": 100,
	"PhaseEncodingSteps": 64,
	"AcquisitionMatrixPE": 64,
	"ReconMatrixPE": 64,
	"BandwidthPerPixelPhaseEncode": 26.483,
	"EffectiveEchoSpacing": 0.000590001,
	"DerivedVendorReportedEchoSpacing": 0.000590001,
	"TotalReadoutTime": 0.0371701,
	"PixelBandwidth": 1905,
	"DwellTime": 4.1e-06,
	"PhaseEncodingDirection": "j-",
	"SliceTiming": [
		1.1025,
		0,
		1.165,
		0.06,
		1.225,
		0.1225,
		1.2875,
		0.1825,
		1.35,
		0.245,
		1.41,
		0.305,
		1.4725,
		0.3675,
		1.5325,
		0.4275,
		1.595,
		0.49,
		1.655,
		0.5525,
		1.7175,
		0.6125,
		1.7775,
		0.675,
		1.84,
		0.735,
		1.9,
		0.7975,
		1.9625,
		0.8575,
		2.0225,
		0.92,
		2.085,
		0.98,
		2.1475,
		1.0425	],
	"ImageOrientationPatientDICOM": [
		1,
		0,
		0,
		0,
		1,
		0	],
	"ImageOrientationText": "Tra",
	"InPlanePhaseEncodingDirectionDICOM": "COL",
	"ConversionSoftware": "dcm2niix",
	"ConversionSoftwareVersion": "v1.0.20230411"
}
